PATH
  remote: .
  specs:
    required_struct (0.1.0)

GEM
  remote: https://rubygems.org/
  specs:
    minitest (5.16.3)
    rake (13.0.6)

PLATFORMS
  x86_64-linux

DEPENDENCIES
  minitest (~> 5.0)
  rake (~> 13.0)
  required_struct!

BUNDLED WITH
   2.3.15
